GEM
  remote: https://rubygems.org/
  specs:
    addressable (2.3.8)
    extlib (0.9.16)
    faraday (0.9.1)
      multipart-post (>= 1.2, < 3)
    google-protobuf (3.0.0.alpha.4.0)
    googleauth (0.4.2)
      faraday (~> 0.9)
      jwt (~> 1.4)
      logging (~> 2.0)
      memoist (~> 0.12)
      multi_json (~> 1.11)
      signet (~> 0.6)
    grpc (0.11.0)
      google-protobuf (~> 3.0.0alpha.1.1)
      googleauth (~> 0.4)
    jwt (1.5.1)
    little-plugger (1.1.4)
    logging (2.0.0)
      little-plugger (~> 1.1)
      multi_json (~> 1.10)
    memoist (0.12.0)
    multi_json (1.11.2)
    multipart-post (2.0.0)
    signet (0.6.1)
      addressable (~> 2.3)
      extlib (~> 0.9)
      faraday (~> 0.9)
      jwt (~> 1.5)
      multi_json (~> 1.10)

PLATFORMS
  ruby

DEPENDENCIES
  grpc (>= 0.11)

BUNDLED WITH
   1.10.6
